GEM
  remote: https://rubygems.org/
  specs:
    aws-sdk (2.11.45)
      aws-sdk-resources (= 2.11.45)
    aws-sdk-core (2.11.45)
      aws-sigv4 (~> 1.0)
      jmespath (~> 1.0)
    aws-sdk-resources (2.11.45)
      aws-sdk-core (= 2.11.45)
    aws-sigv4 (1.0.2)
    capistrano (3.4.0)
      i18n
      rake (>= 10.0.0)
      sshkit (~> 1.3)
    capistrano-s3 (2.2.0)
      aws-sdk (~> 2.6)
      capistrano (>= 2)
      mime-types
    concurrent-ruby (1.0.5)
    i18n (1.0.1)
      concurrent-ruby (~> 1.0)
    jmespath (1.4.0)
    mime-types (3.1)
      mime-types-data (~> 3.2015)
    mime-types-data (3.2016.0521)
    net-scp (1.2.1)
      net-ssh (>= 2.6.5)
    net-ssh (5.0.2)
    rake (12.3.1)
    sshkit (1.17.0)
      net-scp (>= 1.1.2)
      net-ssh (>= 2.8.0)

PLATFORMS
  ruby

DEPENDENCIES
  capistrano (= 3.4.0)
  capistrano-s3 (= 2.2.0)

BUNDLED WITH
   1.11.2
